GIT
  remote: https://github.com/middleman/middleman-blog.git
  revision: b665779c35c0eeb5b7e19de3bf4cb87924dba777
  specs:
    middleman-blog (0.2.0.pre)
      middleman-core (>= 3.0.0.beta.2)

GIT
  remote: https://github.com/middleman/middleman.git
  revision: 5d8fd93981553b9ad8dfecdfc5e26168e022c490
  specs:
    middleman (3.0.0.beta.3)
      middleman-core (= 3.0.0.beta.3)
      middleman-more (= 3.0.0.beta.3)
    middleman-core (3.0.0.beta.3)
      activesupport (~> 3.2.0)
      bundler (~> 1.0)
      i18n (~> 0.6.0)
      listen (~> 0.4.2)
      padrino-helpers (~> 0.10.6)
      rack (~> 1.4.0)
      rack-test (~> 0.6.1)
      thor (~> 0.14.0)
      tilt (~> 1.3.1)
    middleman-more (3.0.0.beta.3)
      coffee-script (~> 2.2.0)
      compass (>= 0.12.1)
      execjs (~> 1.2)
      haml (>= 3.1.0)
      maruku (~> 0.6.0)
      middleman-core (= 3.0.0.beta.3)
      sass (>= 3.1.7)
      sprockets (~> 2.1)
      sprockets-sass (~> 0.8.0)
      uglifier (~> 1.2.0)

GEM
  remote: http://rubygems.org/
  specs:
    activesupport (3.2.3)
      i18n (~> 0.6)
      multi_json (~> 1.0)
    chunky_png (1.2.5)
    coderay (1.0.5)
    coffee-script (2.2.0)
      coffee-script-source
      execjs
    coffee-script-source (1.3.1)
    compass (0.12.1)
      chunky_png (~> 1.2)
      fssm (>= 0.2.7)
      sass (~> 3.1)
    execjs (1.3.2)
      multi_json (~> 1.0)
    ffi (1.0.11)
    fssm (0.2.9)
    haml (3.1.5)
    highline (1.6.11)
    hike (1.2.1)
    http_router (0.10.2)
      rack (>= 1.0.0)
      url_mount (~> 0.2.1)
    i18n (0.6.0)
    listen (0.4.2)
      rb-fchange (~> 0.0.5)
      rb-fsevent (~> 0.9.1)
      rb-inotify (~> 0.8.8)
    maruku (0.6.0)
      syntax (>= 1.0.0)
    multi_json (1.3.4)
    padrino-core (0.10.6)
      activesupport (~> 3.2.0)
      http_router (~> 0.10.2)
      sinatra (~> 1.3.1)
      thor (~> 0.14.3)
      tilt (~> 1.3.0)
    padrino-helpers (0.10.6)
      i18n (~> 0.6)
      padrino-core (= 0.10.6)
    rack (1.4.1)
    rack-protection (1.2.0)
      rack
    rack-test (0.6.1)
      rack (>= 1.0)
    rake (0.9.2.2)
    rb-fchange (0.0.5)
      ffi
    rb-fsevent (0.9.1)
    rb-inotify (0.8.8)
      ffi (>= 0.5.0)
    redcarpet (2.1.1)
    sass (3.1.17)
    sinatra (1.3.2)
      rack (~> 1.3, >= 1.3.6)
      rack-protection (~> 1.2)
      tilt (~> 1.3, >= 1.3.3)
    sprockets (2.4.2)
      hike (~> 1.2)
      multi_json (~> 1.0)
      rack (~> 1.0)
      tilt (~> 1.1, != 1.3.0)
    sprockets-sass (0.8.0)
      sprockets (~> 2.0)
      tilt (~> 1.1)
    syntax (1.0.0)
    thor (0.14.6)
    tilt (1.3.3)
    uglifier (1.2.4)
      execjs (>= 0.3.0)
      multi_json (>= 1.0.2)
    url_mount (0.2.1)
      rack

PLATFORMS
  ruby

DEPENDENCIES
  activesupport
  coderay
  highline
  middleman!
  middleman-blog!
  rake
  redcarpet
