GIT
  remote: git://github.com/dgeb/coderay.git
  revision: 1362fd4af63331aed51ce9907ad7295cea228874
  branch: handlebars
  specs:
    coderay (1.1.0.rc1)

GEM
  remote: https://rubygems.org/
  specs:
    activesupport (3.2.17)
      i18n (~> 0.6, >= 0.6.4)
      multi_json (~> 1.0)
    builder (3.2.2)
    capybara (2.1.0)
      mime-types (>= 1.16)
      nokogiri (>= 1.3.3)
      rack (>= 1.0.0)
      rack-test (>= 0.5.4)
      xpath (~> 2.0)
    chunky_png (1.3.0)
    coffee-script (2.2.0)
      coffee-script-source
      execjs
    coffee-script-source (1.7.0)
    compass (0.12.3)
      chunky_png (~> 1.2)
      fssm (>= 0.2.7)
      sass (= 3.2.14)
    daemons (1.1.9)
    diff-lcs (1.2.4)
    eventmachine (1.0.3)
    eventmachine (1.0.3-x86-mingw32)
    execjs (1.4.0)
      multi_json (~> 1.0)
    faye-websocket (0.4.7)
      eventmachine (>= 0.12.0)
    ffi (1.9.3)
    ffi (1.9.3-x86-mingw32)
    fssm (0.2.10)
    haml (4.0.5)
      tilt
    highline (1.6.19)
    hike (1.2.3)
    http_parser.rb (0.5.3)
    http_parser.rb (0.5.3-x86-mingw32)
    i18n (0.6.9)
    json (1.8.1)
    kramdown (1.3.2)
    listen (1.3.1)
      rb-fsevent (>= 0.9.3)
      rb-inotify (>= 0.9)
      rb-kqueue (>= 0.2)
    maruku (0.6.1)
      syntax (>= 1.0.0)
    method_source (0.8.1)
    middleman (3.2.2)
      coffee-script (~> 2.2.0)
      compass (>= 0.12.2)
      execjs (~> 1.4.0)
      haml (>= 3.1.6)
      kramdown (~> 1.2)
      middleman-core (= 3.2.2)
      middleman-sprockets (>= 3.1.2)
      sass (>= 3.1.20)
      uglifier (~> 2.4.0)
    middleman-blog (3.2.0)
      maruku (~> 0.6.0)
      middleman-core (~> 3.0)
      tzinfo (~> 0.3.0)
    middleman-core (3.2.2)
      activesupport (~> 3.2.6)
      bundler (~> 1.1)
      i18n (~> 0.6.9)
      listen (~> 1.1)
      rack (>= 1.4.5)
      rack-test (~> 0.6.1)
      thor (>= 0.15.2, < 2.0)
      tilt (~> 1.4.1)
    middleman-sprockets (3.3.1)
      middleman-core (>= 3.2)
      sprockets (~> 2.1)
      sprockets-helpers (~> 1.0.0)
      sprockets-sass (~> 1.0.0)
    mime-types (1.23)
    multi_json (1.9.0)
    nokogiri (1.5.9)
    nokogiri (1.5.9-x86-mingw32)
    poltergeist (1.3.0)
      capybara (~> 2.1.0)
      faye-websocket (>= 0.4.4, < 0.5.0)
      http_parser.rb (~> 0.5.3)
    pry (0.9.6)
      coderay (>= 0.9.8)
      method_source (>= 0.6.5)
      ruby_parser (>= 2.0.5)
      slop (~> 2.1.0)
    pry (0.9.6-x86-mingw32)
      coderay (>= 0.9.8)
      method_source (>= 0.6.5)
      ruby_parser (>= 2.0.5)
      slop (~> 2.1.0)
      win32console (>= 1.3.0)
    rack (1.5.2)
    rack-test (0.6.2)
      rack (>= 1.0)
    rake (10.0.4)
    rb-fsevent (0.9.4)
    rb-inotify (0.9.3)
      ffi (>= 0.5.0)
    rb-kqueue (0.2.2)
      ffi (>= 0.5.0)
    redcarpet (2.3.0)
    rspec (2.13.0)
      rspec-core (~> 2.13.0)
      rspec-expectations (~> 2.13.0)
      rspec-mocks (~> 2.13.0)
    rspec-core (2.13.1)
    rspec-expectations (2.13.0)
      diff-lcs (>= 1.1.3, < 2.0)
    rspec-mocks (2.13.1)
    ruby_parser (3.2.1)
      sexp_processor (~> 4.1)
    sass (3.2.14)
    sexp_processor (4.2.1)
    slop (2.1.0)
    sprockets (2.11.0)
      hike (~> 1.2)
      multi_json (~> 1.0)
      rack (~> 1.0)
      tilt (~> 1.1, != 1.3.0)
    sprockets-helpers (1.0.1)
      sprockets (~> 2.0)
    sprockets-sass (1.0.3)
      sprockets (~> 2.0)
      tilt (~> 1.1)
    syntax (1.2.0)
    thin (1.5.1)
      daemons (>= 1.0.9)
      eventmachine (>= 0.12.6)
      rack (>= 1.0.0)
    thor (0.18.1)
    tilt (1.4.1)
    tzinfo (0.3.37)
    uglifier (2.4.0)
      execjs (>= 0.3.0)
      json (>= 1.8.0)
    win32console (1.3.2-x86-mingw32)
    xpath (2.0.0)
      nokogiri (~> 1.3)

PLATFORMS
  ruby
  x86-mingw32

DEPENDENCIES
  activesupport
  builder
  capybara
  coderay!
  highline
  listen
  middleman (~> 3.0)
  middleman-blog (~> 3.0)
  poltergeist
  pry
  rack
  rake
  redcarpet
  rspec
  thin
